GEM
  remote: https://rubygems.org/
  specs:
    chunky_png (1.3.11)
    compass (0.12.7)
      chunky_png (~> 1.2)
      fssm (>= 0.2.7)
      sass (~> 3.2.19)
    fssm (0.2.10)
    json (2.3.0)
    sass (3.2.19)

PLATFORMS
  ruby

DEPENDENCIES
  compass (= 0.12.7)
  json
